{
	"TaskName": "rest",
	"MagneticFieldStrength": 1.5,
	"Manufacturer": "Siemens",
	"ManufacturersModelName": "Avanto",
	"BodyPartExamined": "HEAD",
	"PatientPosition": "HFS",
	"ProcedureStepDescription": "head_NEURO",
	"SoftwareVersions": "syngo_MR_B19",
	"MRAcquisitionType": "2D",
	"ScanningSequence": "EP",
	"SequenceVariant": "SK",
	"ScanOptions": "FS",
	"SequenceName": "_epfid2d1_64",
	"ImageType": ["ORIGINAL", "PRIMARY", "FMRI", "NONE", "ND", "MOSAIC"],
	"SliceThickness": 3.6,
	"SpacingBetweenSlices": 3.78,
	"EchoTime": 0.05,
	"RepetitionTime": 3.56,
	"FlipAngle": 90,
	"PartialFourier": 1,
	"BaseResolution": 64,
	"DelayTime": 0.5,
	"PhaseResolution": 1,
	"ReceiveCoilName": "HeadMatrix",
	"PulseSequenceDetails": "%SiemensSeq%_ep2d_bold",
	"PercentPhaseFOV": 100,
	"PhaseEncodingSteps": 64,
	"AcquisitionMatrixPE": 64,
	"ReconMatrixPE": 64,
	"BandwidthPerPixelPhaseEncode": 34.722,
	"EffectiveEchoSpacing": 0.000450003,
	"DerivedVendorReportedEchoSpacing": 0.000450003,
	"TotalReadoutTime": 0.0283502,
	"PixelBandwidth": 2604,
	"DwellTime": 3e-06,
	"PhaseEncodingDirection": "j-",
	"SliceTiming": [
		1.5375,
		0,
		1.6225,
		0.0875,
		1.7075,
		0.1725,
		1.7925,
		0.2575,
		1.8775,
		0.3425,
		1.965,
		0.4275,
		2.05,
		0.5125,
		2.135,
		0.5975,
		2.22,
		0.6825,
		2.305,
		0.77,
		2.39,
		0.855,
		2.475,
		0.94,
		2.5625,
		1.025,
		2.6475,
		1.11,
		2.7325,
		1.195,
		2.8175,
		1.28,
		2.9025,
		1.3675,
		2.9875,
		1.4525	],
	"InPlanePhaseEncodingDirectionDICOM": "COL",
	"NumberOfVolumesDiscardedByUser": 3,
	"Instructions": "Participants were asked to close their eyes, to not fall asleep, and to avoid consistent thinking about one topic during the period of scanning"
}
