{
	"TaskName": "rest",
	"MagneticFieldStrength": 1.5,
	"Manufacturer": "Siemens",
	"ManufacturersModelName": "Avanto",
	"BodyPartExamined": "HEAD",
	"PatientPosition": "HFS",
	"ProcedureStepDescription": "head_NEURO",
	"SoftwareVersions": "syngo_MR_B19",
	"MRAcquisitionType": "2D",
	"ScanningSequence": "EP",
	"SequenceVariant": "SK",
	"ScanOptions": "FS",
	"SequenceName": "_epfid2d1_64",
	"ImageType": ["ORIGINAL", "PRIMARY", "FMRI", "NONE", "ND", "MOSAIC"],
	"SliceThickness": 3.6,
	"SpacingBetweenSlices": 3.78,
	"EchoTime": 0.05,
	"RepetitionTime": 3.56,
	"FlipAngle": 90,
	"PartialFourier": 1,
	"BaseResolution": 64,
	"DelayTime": 0.5,
	"PhaseResolution": 1,
	"ReceiveCoilName": "HeadMatrix",
	"PulseSequenceDetails": "%SiemensSeq%_ep2d_bold",
	"PercentPhaseFOV": 100,
	"PhaseEncodingSteps": 64,
	"AcquisitionMatrixPE": 64,
	"ReconMatrixPE": 64,
	"BandwidthPerPixelPhaseEncode": 34.722,
	"EffectiveEchoSpacing": 0.000450003,
	"DerivedVendorReportedEchoSpacing": 0.000450003,
	"TotalReadoutTime": 0.0283502,
	"PixelBandwidth": 2604,
	"DwellTime": 3e-06,
	"PhaseEncodingDirection": "j-",
	"SliceTiming": [
		1.535,
		0,
		1.6225,
		0.085,
		1.7075,
		0.17,
		1.7925,
		0.255,
		1.8775,
		0.3425,
		1.9625,
		0.4275,
		2.0475,
		0.5125,
		2.1325,
		0.5975,
		2.22,
		0.6825,
		2.305,
		0.7675,
		2.39,
		0.8525,
		2.475,
		0.9375,
		2.56,
		1.025,
		2.645,
		1.11,
		2.73,
		1.195,
		2.815,
		1.28,
		2.9025,
		1.365,
		2.9875,
		1.45	],
	"InPlanePhaseEncodingDirectionDICOM": "COL",
	"NumberOfVolumesDiscardedByUser": 3,
	"Instructions": "Participants were asked to close their eyes, to not fall asleep, and to avoid consistent thinking about one topic during the period of scanning"
}
