{
	"TaskName": "arithm_run-02",
	"MagneticFieldStrength": 1.5,
	"Manufacturer": "Siemens",
	"ManufacturersModelName": "Avanto",
	"BodyPartExamined": "HEAD",
	"PatientPosition": "HFS",
	"ProcedureStepDescription": "head_NEURO",
	"SoftwareVersions": "syngo_MR_B19",
	"MRAcquisitionType": "2D",
	"ScanningSequence": "EP",
	"SequenceVariant": "SK",
	"ScanOptions": "FS",
	"SequenceName": "_epfid2d1_64",
	"ImageType": ["ORIGINAL", "PRIMARY", "FMRI", "NONE", "ND", "MOSAIC"],
	"SliceThickness": 3,
	"SpacingBetweenSlices": 3.3,
	"EchoTime": 0.05,
	"RepetitionTime": 2.1,
	"FlipAngle": 90,
	"PartialFourier": 1,
	"BaseResolution": 64,
	"PhaseResolution": 1,
	"ReceiveCoilName": "HeadMatrix",
	"PulseSequenceDetails": "%SiemensSeq%_ep2d_bold",
	"PercentPhaseFOV": 100,
	"PhaseEncodingSteps": 64,
	"AcquisitionMatrixPE": 64,
	"ReconMatrixPE": 64,
	"BandwidthPerPixelPhaseEncode": 33.245,
	"EffectiveEchoSpacing": 0.000469995,
	"DerivedVendorReportedEchoSpacing": 0.000469996,
	"TotalReadoutTime": 0.0296097,
	"PixelBandwidth": 2604,
	"DwellTime": 3e-06,
	"PhaseEncodingDirection": "j-",
	"SliceTiming": [
		1.055,
		0,
		1.1425,
		0.0875,
		1.23,
		0.1775,
		1.3175,
		0.265,
		1.405,
		0.3525,
		1.495,
		0.44,
		1.5825,
		0.5275,
		1.67,
		0.615,
		1.7575,
		0.7025,
		1.845,
		0.79,
		1.9325,
		0.88,
		2.02,
		0.9675	],
	"InPlanePhaseEncodingDirectionDICOM": "COL",
	"NumberOfVolumesDiscardedByUser": 3,
	"Instructions": "During the main condition, participants were visually presented with already solved sums (arithmetic operations of addition, subtraction, multiplication, and division with simple and double-digit numbers). The control condition stimuli were digit lines with non-mathematical characters instead of arithmetic signs. Participants responded with one of three buttons on the MR-compatible response box, depending on whether the stimulus sum had been solved correctly, incorrectly or just had not been an arithmetic exercise."
}
